GEM
  remote: https://rubygems.org/
  specs:
    metaclass (0.0.1)
    mocha (0.13.1)
      metaclass (~> 0.0.1)
    multi_json (1.5.0)
    simplecov (0.7.1)
      multi_json (~> 1.0)
      simplecov-html (~> 0.7.1)
    simplecov-html (0.7.1)

PLATFORMS
  ruby

DEPENDENCIES
  mocha
  simplecov
